PATH
  remote: .
  specs:
    graphene (0.1)
      eventmachine

GEM
  remote: https://ruby.taobao.org/
  specs:
    coderay (1.1.0)
    diff-lcs (1.2.5)
    eventmachine (1.2.0.1)
    ffi (1.9.10)
    ffi-compiler (0.1.3)
      ffi (>= 1.0.0)
      rake
    formatador (0.2.5)
    guard (2.13.0)
      formatador (>= 0.2.4)
      listen (>= 2.7, <= 4.0)
      lumberjack (~> 1.0)
      nenv (~> 0.1)
      notiffany (~> 0.0)
      pry (>= 0.9.12)
      shellany (~> 0.0)
      thor (>= 0.18.1)
    guard-bundler (2.1.0)
      bundler (~> 1.0)
      guard (~> 2.2)
      guard-compat (~> 1.1)
    guard-compat (1.2.1)
    guard-rspec (4.6.5)
      guard (~> 2.1)
      guard-compat (~> 1.1)
      rspec (>= 2.99.0, < 4.0)
    listen (3.1.3)
      rb-fsevent (~> 0.9, >= 0.9.7)
      rb-inotify (~> 0.9, >= 0.9.7)
      ruby_dep (~> 1.2)
    log4r (1.1.10)
    lumberjack (1.0.10)
    method_source (0.8.2)
    nenv (0.3.0)
    notiffany (0.0.8)
      nenv (~> 0.1)
      shellany (~> 0.0)
    pry (0.10.3)
      coderay (~> 1.1.0)
      method_source (~> 0.8.1)
      slop (~> 3.4)
    rake (10.4.2)
    rb-fsevent (0.9.7)
    rb-inotify (0.9.7)
      ffi (>= 0.5.0)
    rspec (3.3.0)
      rspec-core (~> 3.3.0)
      rspec-expectations (~> 3.3.0)
      rspec-mocks (~> 3.3.0)
    rspec-core (3.3.2)
      rspec-support (~> 3.3.0)
    rspec-expectations (3.3.1)
      diff-lcs (>= 1.2.0, < 2.0)
      rspec-support (~> 3.3.0)
    rspec-mocks (3.3.2)
      diff-lcs (>= 1.2.0, < 2.0)
      rspec-support (~> 3.3.0)
    rspec-support (3.3.0)
    ruby_dep (1.2.0)
    scrypt (2.1.1)
      ffi-compiler (>= 0.0.2)
      rake
    shellany (0.0.1)
    slop (3.6.0)
    thor (0.19.1)
    websocket (1.2.2)
    websocket-eventmachine-base (1.1.1)
      eventmachine (~> 1.0)
      websocket (~> 1.0)
      websocket-native (~> 1.0)
    websocket-eventmachine-client (1.1.0)
      websocket-eventmachine-base (~> 1.0)
    websocket-native (1.0.0)

PLATFORMS
  ruby

DEPENDENCIES
  eventmachine
  ffi
  graphene!
  guard-bundler
  guard-rspec
  log4r
  pry
  rake
  rspec
  scrypt
  websocket-eventmachine-client
